GIT
  remote: https://github.com/tactilenews/threema.git
  revision: 6930788de13c329343d0286585968490dbbe7e24
  branch: master
  specs:
    threema (0.1.0)
      case_transform
      dotenv
      mime-types
      multipart-post
      rbnacl

GEM
  remote: https://rubygems.org/
  specs:
    actioncable (6.1.3.2)
      actionpack (= 6.1.3.2)
      activesupport (= 6.1.3.2)
      nio4r (~> 2.0)
      websocket-driver (>= 0.6.1)
    actionmailbox (6.1.3.2)
      actionpack (= 6.1.3.2)
      activejob (= 6.1.3.2)
      activerecord (= 6.1.3.2)
      activestorage (= 6.1.3.2)
      activesupport (= 6.1.3.2)
      mail (>= 2.7.1)
    actionmailer (6.1.3.2)
      actionpack (= 6.1.3.2)
      actionview (= 6.1.3.2)
      activejob (= 6.1.3.2)
      activesupport (= 6.1.3.2)
      mail (~> 2.5, >= 2.5.4)
      rails-dom-testing (~> 2.0)
    actionpack (6.1.3.2)
      actionview (= 6.1.3.2)
      activesupport (= 6.1.3.2)
      rack (~> 2.0, >= 2.0.9)
      rack-test (>= 0.6.3)
      rails-dom-testing (~> 2.0)
      rails-html-sanitizer (~> 1.0, >= 1.2.0)
    actiontext (6.1.3.2)
      actionpack (= 6.1.3.2)
      activerecord (= 6.1.3.2)
      activestorage (= 6.1.3.2)
      activesupport (= 6.1.3.2)
      nokogiri (>= 1.8.5)
    actionview (6.1.3.2)
      activesupport (= 6.1.3.2)
      builder (~> 3.1)
      erubi (~> 1.4)
      rails-dom-testing (~> 2.0)
      rails-html-sanitizer (~> 1.1, >= 1.2.0)
    active_model_otp (2.1.1)
      activemodel
      rotp (~> 6.2.0)
    activejob (6.1.3.2)
      activesupport (= 6.1.3.2)
      globalid (>= 0.3.6)
    activemodel (6.1.3.2)
      activesupport (= 6.1.3.2)
    activerecord (6.1.3.2)
      activemodel (= 6.1.3.2)
      activesupport (= 6.1.3.2)
    activestorage (6.1.3.2)
      actionpack (= 6.1.3.2)
      activejob (= 6.1.3.2)
      activerecord (= 6.1.3.2)
      activesupport (= 6.1.3.2)
      marcel (~> 1.0.0)
      mini_mime (~> 1.0.2)
    activestorage-validator (0.1.3)
      rails (>= 5.2.0)
    activesupport (6.1.3.2)
      concurrent-ruby (~> 1.0, >= 1.0.2)
      i18n (>= 1.6, < 2)
      minitest (>= 5.1)
      tzinfo (~> 2.0)
      zeitwerk (~> 2.3)
    acts-as-taggable-on (7.0.0)
      activerecord (>= 5.0, < 6.2)
    addressable (2.7.0)
      public_suffix (>= 2.0.2, < 5.0)
    argon2 (2.0.3)
      ffi (~> 1.14)
      ffi-compiler (~> 1.0)
    ast (2.4.2)
    bcrypt (3.1.16)
    bindex (0.8.1)
    bootsnap (1.7.5)
      msgpack (~> 1.0)
    builder (3.2.4)
    byebug (11.1.3)
    capybara (3.35.3)
      addressable
      mini_mime (>= 0.1.3)
      nokogiri (~> 1.8)
      rack (>= 1.6.0)
      rack-test (>= 0.6.3)
      regexp_parser (>= 1.5, < 3.0)
      xpath (~> 3.2)
    case_transform (0.2)
      activesupport
    childprocess (3.0.0)
    chunky_png (1.4.0)
    clearance (2.4.0)
      actionmailer (>= 5.0)
      activemodel (>= 5.0)
      activerecord (>= 5.0)
      argon2 (~> 2.0, >= 2.0.2)
      bcrypt (>= 3.1.1)
      email_validator (~> 2.0)
      railties (>= 5.0)
    coderay (1.1.3)
    concurrent-ruby (1.1.8)
    counter_culture (2.8.0)
      activerecord (>= 4.2)
      activesupport (>= 4.2)
    crack (0.4.5)
      rexml
    crass (1.0.6)
    db-query-matchers (0.10.0)
      activesupport (>= 4.0, < 7)
      rspec (~> 3.0)
    diff-lcs (1.4.4)
    dotenv (2.7.6)
    dotenv-rails (2.7.6)
      dotenv (= 2.7.6)
      railties (>= 3.2)
    email_validator (2.2.3)
      activemodel
    erubi (1.10.0)
    factory_bot (6.1.0)
      activesupport (>= 5.0.0)
    factory_bot_rails (6.1.0)
      factory_bot (~> 6.1.0)
      railties (>= 5.0.0)
    faker (2.17.0)
      i18n (>= 1.6, < 2)
    faraday (1.4.1)
      faraday-excon (~> 1.1)
      faraday-net_http (~> 1.0)
      faraday-net_http_persistent (~> 1.1)
      multipart-post (>= 1.2, < 3)
      ruby2_keywords (>= 0.0.4)
    faraday-excon (1.1.0)
    faraday-net_http (1.0.1)
    faraday-net_http_persistent (1.1.0)
    ffi (1.15.0)
    ffi-compiler (1.0.1)
      ffi (>= 1.0.0)
      rake
    globalid (0.4.2)
      activesupport (>= 4.2.0)
    hashdiff (1.0.1)
    httpclient (2.8.3)
    i18n (1.8.10)
      concurrent-ruby (~> 1.0)
    image_processing (1.12.1)
      mini_magick (>= 4.9.5, < 5)
      ruby-vips (>= 2.0.17, < 3)
    jbuilder (2.11.2)
      activesupport (>= 5.0.0)
    json (2.5.1)
    jwt (2.2.3)
    kramdown (2.3.1)
      rexml
    listen (3.5.1)
      rb-fsevent (~> 0.10, >= 0.10.3)
      rb-inotify (~> 0.9, >= 0.9.10)
    loofah (2.9.1)
      crass (~> 1.0.2)
      nokogiri (>= 1.5.9)
    mail (2.7.1)
      mini_mime (>= 0.1.1)
    marcel (1.0.1)
    method_source (1.0.0)
    mime-types (3.3.1)
      mime-types-data (~> 3.2015)
    mime-types-data (3.2021.0225)
    mini_magick (4.11.0)
    mini_mime (1.0.3)
    mini_portile2 (2.5.1)
    minitest (5.14.4)
    msgpack (1.4.2)
    multipart-post (2.1.1)
    nio4r (2.5.7)
    nokogiri (1.11.3)
      mini_portile2 (~> 2.5.0)
      racc (~> 1.4)
    parallel (1.20.1)
    parser (3.0.1.1)
      ast (~> 2.4.1)
    pg (1.2.3)
    pg_search (2.3.5)
      activerecord (>= 5.2)
      activesupport (>= 5.2)
    postmark (1.21.3)
      json
    postmark-rails (0.21.0)
      actionmailer (>= 3.0.0)
      postmark (>= 1.21.3, < 2.0)
    pry (0.14.0)
      coderay (~> 1.1)
      method_source (~> 1.0)
    pry-rails (0.3.9)
      pry (>= 0.10.4)
    public_suffix (4.0.6)
    puma (5.2.2)
      nio4r (~> 2.0)
    racc (1.5.2)
    rack (2.2.3)
    rack-attack (6.5.0)
      rack (>= 1.0, < 3)
    rack-proxy (0.6.5)
      rack
    rack-test (1.1.0)
      rack (>= 1.0, < 3)
    rails (6.1.3.2)
      actioncable (= 6.1.3.2)
      actionmailbox (= 6.1.3.2)
      actionmailer (= 6.1.3.2)
      actionpack (= 6.1.3.2)
      actiontext (= 6.1.3.2)
      actionview (= 6.1.3.2)
      activejob (= 6.1.3.2)
      activemodel (= 6.1.3.2)
      activerecord (= 6.1.3.2)
      activestorage (= 6.1.3.2)
      activesupport (= 6.1.3.2)
      bundler (>= 1.15.0)
      railties (= 6.1.3.2)
      sprockets-rails (>= 2.0.0)
    rails-dom-testing (2.0.3)
      activesupport (>= 4.2.0)
      nokogiri (>= 1.6)
    rails-html-sanitizer (1.3.0)
      loofah (~> 2.3)
    rails-settings-cached (2.5.2)
      rails (>= 5.0.0)
    railties (6.1.3.2)
      actionpack (= 6.1.3.2)
      activesupport (= 6.1.3.2)
      method_source
      rake (>= 0.8.7)
      thor (~> 1.0)
    rainbow (3.0.0)
    rake (13.0.3)
    rb-fsevent (0.10.4)
    rb-inotify (0.10.1)
      ffi (~> 1.0)
    rbnacl (7.1.1)
      ffi
    regexp_parser (2.1.1)
    rexml (3.2.5)
    rotp (6.2.0)
    rqrcode (1.2.0)
      chunky_png (~> 1.0)
      rqrcode_core (~> 0.2)
    rqrcode_core (0.2.0)
    rspec (3.10.0)
      rspec-core (~> 3.10.0)
      rspec-expectations (~> 3.10.0)
      rspec-mocks (~> 3.10.0)
    rspec-core (3.10.1)
      rspec-support (~> 3.10.0)
    rspec-expectations (3.10.1)
      diff-lcs (>= 1.2.0, < 2.0)
      rspec-support (~> 3.10.0)
    rspec-mocks (3.10.2)
      diff-lcs (>= 1.2.0, < 2.0)
      rspec-support (~> 3.10.0)
    rspec-rails (5.0.1)
      actionpack (>= 5.2)
      activesupport (>= 5.2)
      railties (>= 5.2)
      rspec-core (~> 3.10)
      rspec-expectations (~> 3.10)
      rspec-mocks (~> 3.10)
      rspec-support (~> 3.10)
    rspec-support (3.10.2)
    rubocop (1.14.0)
      parallel (~> 1.10)
      parser (>= 3.0.0.0)
      rainbow (>= 2.2.2, < 4.0)
      regexp_parser (>= 1.8, < 3.0)
      rexml
      rubocop-ast (>= 1.5.0, < 2.0)
      ruby-progressbar (~> 1.7)
      unicode-display_width (>= 1.4.0, < 3.0)
    rubocop-ast (1.5.0)
      parser (>= 3.0.1.1)
    rubocop-rails (2.10.1)
      activesupport (>= 4.2.0)
      rack (>= 1.1)
      rubocop (>= 1.7.0, < 2.0)
    ruby-progressbar (1.11.0)
    ruby-vips (2.1.0)
      ffi (~> 1.12)
    ruby2_keywords (0.0.4)
    rubyzip (2.3.0)
    selenium-webdriver (3.142.7)
      childprocess (>= 0.5, < 4.0)
      rubyzip (>= 1.2.2)
    semantic_range (3.0.0)
    sentry-rails (4.4.0)
      railties (>= 5.0)
      sentry-ruby-core (~> 4.4.0.pre.beta)
    sentry-ruby (4.4.1)
      concurrent-ruby (~> 1.0, >= 1.0.2)
      faraday (>= 1.0)
      sentry-ruby-core (= 4.4.1)
    sentry-ruby-core (4.4.1)
      concurrent-ruby
      faraday
    spring (2.1.1)
    spring-commands-rspec (1.0.4)
      spring (>= 0.9.1)
    spring-watcher-listen (2.0.1)
      listen (>= 2.7, < 4.0)
      spring (>= 1.2, < 3.0)
    sprockets (4.0.2)
      concurrent-ruby (~> 1.0)
      rack (> 1, < 3)
    sprockets-rails (3.2.2)
      actionpack (>= 4.0)
      activesupport (>= 4.0)
      sprockets (>= 3.0.0)
    sucker_punch (3.0.1)
      concurrent-ruby (~> 1.0)
    telegram-bot (0.15.3)
      actionpack (>= 4.0, < 6.2)
      activesupport (>= 4.0, < 6.2)
      httpclient (~> 2.7)
    thor (1.1.0)
    timecop (0.9.4)
    tzinfo (2.0.4)
      concurrent-ruby (~> 1.0)
    unicode-display_width (2.0.0)
    valid_email2 (3.6.1)
      activemodel (>= 3.2)
      mail (~> 2.5)
    vcr (6.0.0)
    view_component (2.31.1)
      activesupport (>= 5.0.0, < 7.0)
    web-console (4.1.0)
      actionview (>= 6.0.0)
      activemodel (>= 6.0.0)
      bindex (>= 0.4.0)
      railties (>= 6.0.0)
    webdrivers (4.6.0)
      nokogiri (~> 1.6)
      rubyzip (>= 1.3.0)
      selenium-webdriver (>= 3.0, < 4.0)
    webmock (3.12.2)
      addressable (>= 2.3.6)
      crack (>= 0.3.2)
      hashdiff (>= 0.4.0, < 2.0.0)
    webpacker (5.3.0)
      activesupport (>= 5.2)
      rack-proxy (>= 0.6.1)
      railties (>= 5.2)
      semantic_range (>= 2.3.0)
    websocket-driver (0.7.3)
      websocket-extensions (>= 0.1.0)
    websocket-extensions (0.1.5)
    xpath (3.2.0)
      nokogiri (~> 1.8)
    zeitwerk (2.4.2)

PLATFORMS
  ruby

DEPENDENCIES
  active_model_otp
  activestorage-validator (~> 0.1.3)
  acts-as-taggable-on
  bootsnap (>= 1.4.2)
  byebug
  capybara (>= 2.15)
  clearance
  counter_culture (~> 2.8)
  db-query-matchers
  dotenv-rails
  factory_bot_rails
  faker
  image_processing (~> 1.2)
  jbuilder (~> 2.11)
  jwt
  kramdown (~> 2.3)
  listen (>= 3.0.5, < 3.6)
  pg (>= 0.18, < 2.0)
  pg_search
  postmark-rails
  pry-rails
  puma (~> 5.2)
  rack-attack (~> 6.5)
  rails (~> 6.1.3)
  rails-settings-cached (~> 2.5)
  rqrcode
  rspec-rails
  rubocop-rails
  selenium-webdriver
  sentry-rails
  sentry-ruby
  spring
  spring-commands-rspec
  spring-watcher-listen (~> 2.0.0)
  sucker_punch (~> 3.0)
  telegram-bot
  threema!
  timecop
  tzinfo-data
  valid_email2 (~> 3.6)
  vcr
  view_component (~> 2)
  web-console (>= 3.3.0)
  webdrivers
  webmock
  webpacker (~> 5)

RUBY VERSION
   ruby 2.7.1p83

BUNDLED WITH
   2.1.4
