GEM
  remote: https://rubygems.org/
  specs:
    actioncable (6.0.3.4)
      actionpack (= 6.0.3.4)
      nio4r (~> 2.0)
      websocket-driver (>= 0.6.1)
    actionmailbox (6.0.3.4)
      actionpack (= 6.0.3.4)
      activejob (= 6.0.3.4)
      activerecord (= 6.0.3.4)
      activestorage (= 6.0.3.4)
      activesupport (= 6.0.3.4)
      mail (>= 2.7.1)
    actionmailer (6.0.3.4)
      actionpack (= 6.0.3.4)
      actionview (= 6.0.3.4)
      activejob (= 6.0.3.4)
      mail (~> 2.5, >= 2.5.4)
      rails-dom-testing (~> 2.0)
    actionpack (6.0.3.4)
      actionview (= 6.0.3.4)
      activesupport (= 6.0.3.4)
      rack (~> 2.0, >= 2.0.8)
      rack-test (>= 0.6.3)
      rails-dom-testing (~> 2.0)
      rails-html-sanitizer (~> 1.0, >= 1.2.0)
    actiontext (6.0.3.4)
      actionpack (= 6.0.3.4)
      activerecord (= 6.0.3.4)
      activestorage (= 6.0.3.4)
      activesupport (= 6.0.3.4)
      nokogiri (>= 1.8.5)
    actionview (6.0.3.4)
      activesupport (= 6.0.3.4)
      builder (~> 3.1)
      erubi (~> 1.4)
      rails-dom-testing (~> 2.0)
      rails-html-sanitizer (~> 1.1, >= 1.2.0)
    activejob (6.0.3.4)
      activesupport (= 6.0.3.4)
      globalid (>= 0.3.6)
    activemodel (6.0.3.4)
      activesupport (= 6.0.3.4)
    activerecord (6.0.3.4)
      activemodel (= 6.0.3.4)
      activesupport (= 6.0.3.4)
    activestorage (6.0.3.4)
      actionpack (= 6.0.3.4)
      activejob (= 6.0.3.4)
      activerecord (= 6.0.3.4)
      marcel (~> 0.3.1)
    activestorage-validator (0.1.3)
      rails (>= 5.2.0)
    activesupport (6.0.3.4)
      concurrent-ruby (~> 1.0, >= 1.0.2)
      i18n (>= 0.7, < 2)
      minitest (~> 5.1)
      tzinfo (~> 1.1)
      zeitwerk (~> 2.2, >= 2.2.2)
    acts-as-taggable-on (6.5.0)
      activerecord (>= 5.0, < 6.1)
    addressable (2.7.0)
      public_suffix (>= 2.0.2, < 5.0)
    argon2 (2.0.2)
      ffi (~> 1.9)
      ffi-compiler (>= 0.1)
    ast (2.4.1)
    bcrypt (3.1.16)
    bindex (0.8.1)
    bootsnap (1.5.1)
      msgpack (~> 1.0)
    builder (3.2.4)
    byebug (11.1.3)
    capybara (3.34.0)
      addressable
      mini_mime (>= 0.1.3)
      nokogiri (~> 1.8)
      rack (>= 1.6.0)
      rack-test (>= 0.6.3)
      regexp_parser (~> 1.5)
      xpath (~> 3.2)
    childprocess (3.0.0)
    clearance (2.3.0)
      actionmailer (>= 5.0)
      activemodel (>= 5.0)
      activerecord (>= 5.0)
      argon2 (~> 2.0, >= 2.0.2)
      bcrypt (>= 3.1.1)
      email_validator (~> 2.0)
      railties (>= 5.0)
    coderay (1.1.3)
    concurrent-ruby (1.1.7)
    counter_culture (2.7.0)
      activerecord (>= 4.2)
      activesupport (>= 4.2)
    crack (0.4.4)
    crass (1.0.6)
    db-query-matchers (0.10.0)
      activesupport (>= 4.0, < 7)
      rspec (~> 3.0)
    diff-lcs (1.4.4)
    dotenv (2.7.6)
    dotenv-rails (2.7.6)
      dotenv (= 2.7.6)
      railties (>= 3.2)
    email_validator (2.0.1)
      activemodel
    erubi (1.10.0)
    factory_bot (6.1.0)
      activesupport (>= 5.0.0)
    factory_bot_rails (6.1.0)
      factory_bot (~> 6.1.0)
      railties (>= 5.0.0)
    ffi (1.13.1)
    ffi-compiler (1.0.1)
      ffi (>= 1.0.0)
      rake
    globalid (0.4.2)
      activesupport (>= 4.2.0)
    hashdiff (1.0.1)
    httpclient (2.8.3)
    i18n (1.8.5)
      concurrent-ruby (~> 1.0)
    jbuilder (2.10.1)
      activesupport (>= 5.0.0)
    json (2.3.1)
    jwt (2.2.2)
    kramdown (2.3.0)
      rexml
    listen (3.3.3)
      rb-fsevent (~> 0.10, >= 0.10.3)
      rb-inotify (~> 0.9, >= 0.9.10)
    loofah (2.8.0)
      crass (~> 1.0.2)
      nokogiri (>= 1.5.9)
    mail (2.7.1)
      mini_mime (>= 0.1.1)
    marcel (0.3.3)
      mimemagic (~> 0.3.2)
    method_source (1.0.0)
    mimemagic (0.3.5)
    mini_magick (4.11.0)
    mini_mime (1.0.2)
    mini_portile2 (2.4.0)
    minitest (5.14.2)
    msgpack (1.3.3)
    nio4r (2.5.4)
    nokogiri (1.10.10)
      mini_portile2 (~> 2.4.0)
    parallel (1.19.2)
    parser (2.7.2.0)
      ast (~> 2.4.1)
    pg (1.2.3)
    pg_search (2.3.5)
      activerecord (>= 5.2)
      activesupport (>= 5.2)
    postmark (1.21.2)
      json
    postmark-rails (0.20.0)
      actionmailer (>= 3.0.0)
      postmark (~> 1.15)
    pry (0.13.1)
      coderay (~> 1.1)
      method_source (~> 1.0)
    pry-rails (0.3.9)
      pry (>= 0.10.4)
    public_suffix (4.0.6)
    puma (5.1.0)
      nio4r (~> 2.0)
    rack (2.2.3)
    rack-attack (6.3.1)
      rack (>= 1.0, < 3)
    rack-proxy (0.6.5)
      rack
    rack-test (1.1.0)
      rack (>= 1.0, < 3)
    rails (6.0.3.4)
      actioncable (= 6.0.3.4)
      actionmailbox (= 6.0.3.4)
      actionmailer (= 6.0.3.4)
      actionpack (= 6.0.3.4)
      actiontext (= 6.0.3.4)
      actionview (= 6.0.3.4)
      activejob (= 6.0.3.4)
      activemodel (= 6.0.3.4)
      activerecord (= 6.0.3.4)
      activestorage (= 6.0.3.4)
      activesupport (= 6.0.3.4)
      bundler (>= 1.3.0)
      railties (= 6.0.3.4)
      sprockets-rails (>= 2.0.0)
    rails-dom-testing (2.0.3)
      activesupport (>= 4.2.0)
      nokogiri (>= 1.6)
    rails-html-sanitizer (1.3.0)
      loofah (~> 2.3)
    rails-settings-cached (2.4.0)
      rails (>= 4.2.0)
    railties (6.0.3.4)
      actionpack (= 6.0.3.4)
      activesupport (= 6.0.3.4)
      method_source
      rake (>= 0.8.7)
      thor (>= 0.20.3, < 2.0)
    rainbow (3.0.0)
    rake (13.0.1)
    rb-fsevent (0.10.4)
    rb-inotify (0.10.1)
      ffi (~> 1.0)
    regexp_parser (1.8.2)
    rexml (3.2.4)
    rspec (3.9.0)
      rspec-core (~> 3.9.0)
      rspec-expectations (~> 3.9.0)
      rspec-mocks (~> 3.9.0)
    rspec-core (3.9.3)
      rspec-support (~> 3.9.3)
    rspec-expectations (3.9.2)
      diff-lcs (>= 1.2.0, < 2.0)
      rspec-support (~> 3.9.0)
    rspec-mocks (3.9.1)
      diff-lcs (>= 1.2.0, < 2.0)
      rspec-support (~> 3.9.0)
    rspec-rails (4.0.1)
      actionpack (>= 4.2)
      activesupport (>= 4.2)
      railties (>= 4.2)
      rspec-core (~> 3.9)
      rspec-expectations (~> 3.9)
      rspec-mocks (~> 3.9)
      rspec-support (~> 3.9)
    rspec-support (3.9.3)
    rubocop (0.93.1)
      parallel (~> 1.10)
      parser (>= 2.7.1.5)
      rainbow (>= 2.2.2, < 4.0)
      regexp_parser (>= 1.8)
      rexml
      rubocop-ast (>= 0.6.0)
      ruby-progressbar (~> 1.7)
      unicode-display_width (>= 1.4.0, < 2.0)
    rubocop-ast (0.8.0)
      parser (>= 2.7.1.5)
    rubocop-rails (2.8.1)
      activesupport (>= 4.2.0)
      rack (>= 1.1)
      rubocop (>= 0.87.0)
    ruby-progressbar (1.10.1)
    rubyzip (2.3.0)
    selenium-webdriver (3.142.7)
      childprocess (>= 0.5, < 4.0)
      rubyzip (>= 1.2.2)
    semantic_range (2.3.0)
    spring (2.1.1)
    spring-commands-rspec (1.0.4)
      spring (>= 0.9.1)
    spring-watcher-listen (2.0.1)
      listen (>= 2.7, < 4.0)
      spring (>= 1.2, < 3.0)
    sprockets (4.0.2)
      concurrent-ruby (~> 1.0)
      rack (> 1, < 3)
    sprockets-rails (3.2.2)
      actionpack (>= 4.0)
      activesupport (>= 4.0)
      sprockets (>= 3.0.0)
    sucker_punch (2.1.2)
      concurrent-ruby (~> 1.0)
    telegram-bot (0.14.4)
      actionpack (>= 4.0, < 6.1)
      activesupport (>= 4.0, < 6.1)
      httpclient (~> 2.7)
    thor (1.0.1)
    thread_safe (0.3.6)
    tzinfo (1.2.8)
      thread_safe (~> 0.1)
    unicode-display_width (1.7.0)
    valid_email2 (3.5.0)
      activemodel (>= 3.2)
      mail (~> 2.5)
    vcr (6.0.0)
    view_component (2.23.1)
      activesupport (>= 5.0.0, < 7.0)
    web-console (4.1.0)
      actionview (>= 6.0.0)
      activemodel (>= 6.0.0)
      bindex (>= 0.4.0)
      railties (>= 6.0.0)
    webdrivers (4.4.1)
      nokogiri (~> 1.6)
      rubyzip (>= 1.3.0)
      selenium-webdriver (>= 3.0, < 4.0)
    webmock (3.10.0)
      addressable (>= 2.3.6)
      crack (>= 0.3.2)
      hashdiff (>= 0.4.0, < 2.0.0)
    webpacker (5.2.1)
      activesupport (>= 5.2)
      rack-proxy (>= 0.6.1)
      railties (>= 5.2)
      semantic_range (>= 2.3.0)
    websocket-driver (0.7.3)
      websocket-extensions (>= 0.1.0)
    websocket-extensions (0.1.5)
    xpath (3.2.0)
      nokogiri (~> 1.8)
    zeitwerk (2.4.2)

PLATFORMS
  ruby

DEPENDENCIES
  activestorage-validator (~> 0.1.3)
  acts-as-taggable-on
  bootsnap (>= 1.4.2)
  byebug
  capybara (>= 2.15)
  clearance
  counter_culture (~> 2.7)
  db-query-matchers
  dotenv-rails
  factory_bot_rails
  jbuilder (~> 2.10)
  jwt
  kramdown (~> 2.3)
  listen (>= 3.0.5, < 3.4)
  mini_magick (~> 4.11)
  pg (>= 0.18, < 2.0)
  pg_search
  postmark-rails
  pry-rails
  puma (~> 5.1)
  rack-attack (~> 6.3)
  rails (~> 6.0.3)
  rails-settings-cached (~> 2.4)
  rspec-rails
  rubocop-rails
  selenium-webdriver
  spring
  spring-commands-rspec
  spring-watcher-listen (~> 2.0.0)
  sucker_punch (~> 2.1)
  telegram-bot
  tzinfo-data
  valid_email2 (~> 3.5)
  vcr
  view_component (~> 2)
  web-console (>= 3.3.0)
  webdrivers
  webmock
  webpacker (~> 5)

RUBY VERSION
   ruby 2.7.1p83

BUNDLED WITH
   2.1.4
